PATH
  remote: .
  specs:
    relish (0.0.1)
      archive-tar-minitar (~> 0.5.2)
      rest-client (~> 1.6.1)
      trollop (~> 1.16.2)

GEM
  remote: http://rubygems.org/
  specs:
    archive-tar-minitar (0.5.2)
    aruba (0.2.2)
    builder (2.1.2)
    cucumber (0.9.1)
      builder (~> 2.1.2)
      diff-lcs (~> 1.1.2)
      gherkin (~> 2.2.5)
      json (~> 1.4.6)
      term-ansicolor (~> 1.0.5)
    diff-lcs (1.1.2)
    fakeweb (1.3.0)
    gherkin (2.2.7)
      json (~> 1.4.6)
      term-ansicolor (~> 1.0.5)
      trollop (~> 1.16.2)
    json (1.4.6)
    mime-types (1.16)
    rake (0.8.7)
    rest-client (1.6.1)
      mime-types (>= 1.16)
    rspec (2.0.0.rc)
      rspec-core (= 2.0.0.rc)
      rspec-expectations (= 2.0.0.rc)
      rspec-mocks (= 2.0.0.rc)
    rspec-core (2.0.0.rc)
    rspec-expectations (2.0.0.rc)
      diff-lcs (>= 1.1.2)
    rspec-mocks (2.0.0.rc)
      rspec-core (= 2.0.0.rc)
      rspec-expectations (= 2.0.0.rc)
    term-ansicolor (1.0.5)
    trollop (1.16.2)

PLATFORMS
  ruby

DEPENDENCIES
  archive-tar-minitar (~> 0.5.2)
  aruba (~> 0.2.2)
  bundler (~> 1.0.0)
  cucumber (~> 0.9.1)
  fakeweb (~> 1.3.0)
  rake (~> 0.8.7)
  relish!
  rest-client (~> 1.6.1)
  rspec (~> 2.0.0.rc)
  trollop (~> 1.16.2)
